GEM
  remote: https://rubygems.org/
  specs:
    terminal-table (1.7.3)
      unicode-display_width (~> 1.1.1)
    thor (0.19.4)
    unicode-display_width (1.1.3)

PLATFORMS
  ruby

DEPENDENCIES
  terminal-table!
  thor!

BUNDLED WITH
   1.14.3
