GEM
  remote: https://rubygems.org/
  specs:
    terminal-table (1.8.0)
      unicode-display_width (~> 1.1, >= 1.1.1)
    thor (1.0.1)
    unicode-display_width (1.7.0)

PLATFORMS
  ruby

DEPENDENCIES
  terminal-table!
  thor!

BUNDLED WITH
   1.17.3
